GEM
  remote: https://rubygems.org/
  specs:
    mustermann (2.0.2)
      ruby2_keywords (~> 0.0.1)
    nio4r (2.7.3)
    puma (5.6.9)
      nio4r (~> 2.0)
    rack (2.2.8)
    rack-protection (2.2.3)
      rack
    redis (4.1.0)
    ruby2_keywords (0.0.5)
    sinatra (2.2.3)
      mustermann (~> 2.0)
      rack (~> 2.2)
      rack-protection (= 2.2.3)
      tilt (~> 2.0)
    tilt (2.3.0)

PLATFORMS
  ruby

DEPENDENCIES
  puma
  redis
  sinatra

BUNDLED WITH
   1.17.1